GEM
  remote: https://rubygems.org/
  specs:
    slim (5.2.1)
      temple (~> 0.10.0)
      tilt (>= 2.1.0)
    temple (0.10.3)
    tilt (2.6.0)
    yaml (0.4.0)

PLATFORMS
  ruby
  x86_64-linux

DEPENDENCIES
  slim
  yaml

BUNDLED WITH
   2.6.3
